PATH
  remote: .
  specs:
    decoupled (0.0.1)
      amqp (~> 0.8.0)
      bson_ext
      eventmachine
      json
      redis
      tzinfo

GEM
  remote: http://rubygems.org/
  specs:
    amq-client (0.8.7)
      amq-protocol (>= 0.8.4)
      eventmachine
    amq-protocol (0.8.4)
    amqp (0.8.4)
      amq-client (~> 0.8.7)
      amq-protocol (~> 0.8.4)
      eventmachine
    bson (1.5.2)
    bson_ext (1.5.2)
      bson (= 1.5.2)
    eventmachine (0.12.10)
    json (1.6.4)
    redis (2.2.2)
    tzinfo (0.3.31)

PLATFORMS
  ruby

DEPENDENCIES
  decoupled!
