PATH
  remote: .
  specs:
    decoupled (0.0.1)
      json
      redis
      tzinfo

GEM
  remote: http://rubygems.org/
  specs:
    ZenTest (4.8.1)
    diff-lcs (1.1.3)
    json (1.7.3-java)
    redis (3.0.1)
    rspec (2.10.0)
      rspec-core (~> 2.10.0)
      rspec-expectations (~> 2.10.0)
      rspec-mocks (~> 2.10.0)
    rspec-core (2.10.1)
    rspec-expectations (2.10.0)
      diff-lcs (~> 1.1.3)
    rspec-mocks (2.10.1)
    spork (0.9.2)
    tzinfo (0.3.33)

PLATFORMS
  java

DEPENDENCIES
  ZenTest
  decoupled!
  rspec
  spork
